GEM
  remote: https://www.rubygems.org/
  specs:
    dotenv (2.0.1)
    faraday (0.9.1)
      multipart-post (>= 1.2, < 3)
    faraday_middleware (0.9.1)
      faraday (>= 0.7.4, < 0.10)
    multipart-post (2.0.0)
    require_all (1.3.2)

PLATFORMS
  ruby

DEPENDENCIES
  dotenv (~> 2.0.1)
  faraday (~> 0.9.1)
  faraday_middleware (~> 0.9.0)
  require_all (~> 1.3.2)
