GEM
  remote: https://www.rubygems.org/
  specs:
    faraday (0.9.1)
      multipart-post (>= 1.2, < 3)
    faraday_middleware (0.9.1)
      faraday (>= 0.7.4, < 0.10)
    multipart-post (2.0.0)

PLATFORMS
  ruby

DEPENDENCIES
  faraday (~> 0.9.1)
  faraday_middleware (~> 0.9.0)
